GEM
  remote: http://rubygems.org/
  specs:
    exiftool (1.1.0)
      json
    exiftool_vendored (10.49.0)
      exiftool (>= 0.7.0)
    json (2.1.0)

PLATFORMS
  ruby

DEPENDENCIES
  exiftool
  exiftool_vendored

BUNDLED WITH
   1.14.6
